GEM
  remote: https://rubygems.org/
  specs:
    ansi (1.5.0)
    byebug (9.0.5)
    coderay (1.1.1)
    hashie (3.4.4)
    highline (1.7.8)
    itamae (1.9.9)
      ansi
      hashie
      schash (~> 0.1.0)
      specinfra (>= 2.37.0, < 3.0.0)
      thor
    itamae-plugin-recipe-rbenv (0.6.3)
      itamae (~> 1.2)
    method_source (0.8.2)
    net-scp (1.2.1)
      net-ssh (>= 2.6.5)
    net-ssh (3.2.0)
    net-telnet (0.1.1)
    pry (0.10.4)
      coderay (~> 1.1.0)
      method_source (~> 0.8.1)
      slop (~> 3.4)
    pry-byebug (3.4.0)
      byebug (~> 9.0)
      pry (~> 0.10)
    schash (0.1.2)
    sfl (2.2)
    slop (3.6.0)
    specinfra (2.60.1)
      net-scp
      net-ssh (>= 2.7, < 4.0)
      net-telnet
      sfl
    thor (0.19.1)

PLATFORMS
  ruby

DEPENDENCIES
  highline
  itamae
  itamae-plugin-recipe-rbenv (>= 0.6.3)
  pry-byebug

BUNDLED WITH
   1.11.2
